GEM
  remote: https://rubygems.org/
  specs:
    builder (3.2.2)
    iron_core (1.0.9)
      rest (>= 3.0.4)
    iron_worker_ng (1.6.6)
      bundler
      iron_core (>= 1.0.6)
      rubyzip (>= 1.0.0)
    jwt (1.5.1)
    multi_json (1.11.2)
    net-http-persistent (2.9.4)
    netrc (0.10.3)
    rack (1.6.0)
    rack-protection (1.5.3)
      rack
    rest (3.0.6)
      net-http-persistent (>= 2.9.1)
      netrc
    rubyzip (1.1.7)
    sinatra (1.4.6)
      rack (~> 1.4)
      rack-protection (~> 1.4)
      tilt (>= 1.3, < 3)
    tilt (2.0.1)
    twilio-ruby (4.3.0)
      builder (>= 2.1.2)
      jwt (~> 1.0)
      multi_json (>= 1.3.0)

PLATFORMS
  ruby

DEPENDENCIES
  iron_worker_ng
  sinatra
  twilio-ruby

BUNDLED WITH
   1.10.6
